GEM
  remote: http://rubygems.org/
  specs:
    base62 (0.1.4)
    daemons (1.1.0)
    eventmachine (0.12.10)
    rack (1.2.1)
    rack-test (0.5.7)
      rack (>= 1.0)
    shotgun (0.8)
      rack (>= 1.0)
    shoulda-context (1.0.0.beta1)
    sinatra (1.1.2)
      rack (~> 1.1)
      tilt (~> 1.2)
    thin (1.2.7)
      daemons (>= 1.0.9)
      eventmachine (>= 0.12.6)
      rack (>= 1.0.0)
    tilt (1.2.2)

PLATFORMS
  ruby

DEPENDENCIES
  base62
  rack-test
  shotgun
  shoulda-context
  sinatra (= 1.1.2)
  thin (= 1.2.7)
